GEM
  remote: http://rubygems.org/
  specs:
    rack (3.0.9.1)

PLATFORMS
  ruby

DEPENDENCIES
  rack

RUBY VERSION
   ruby 3.0.0

BUNDLED WITH
   2.4.20
